GEM
  remote: https://rubygems.org/
  specs:
    ast (2.4.3)
    json (2.15.2)
    language_server-protocol (3.17.0.5)
    lint_roller (1.1.0)
    parallel (1.27.0)
    parser (3.3.10.0)
      ast (~> 2.4.1)
      racc
    prettier_print (1.2.1)
    prism (1.6.0)
    racc (1.8.1)
    rainbow (3.1.1)
    regexp_parser (2.11.3)
    rubocop (1.81.6)
      json (~> 2.3)
      language_server-protocol (~> 3.17.0.2)
      lint_roller (~> 1.1.0)
      parallel (~> 1.10)
      parser (>= 3.3.0.2)
      rainbow (>= 2.2.2, < 4.0)
      regexp_parser (>= 2.9.3, < 3.0)
      rubocop-ast (>= 1.47.1, < 2.0)
      ruby-progressbar (~> 1.7)
      unicode-display_width (>= 2.4.0, < 4.0)
    rubocop-ast (1.47.1)
      parser (>= 3.3.7.2)
      prism (~> 1.4)
    ruby-lsp (0.8.1)
      language_server-protocol (~> 3.17.0)
      sorbet-runtime
      syntax_tree (>= 6.1.1, < 7)
      yarp (~> 0.6.0)
    ruby-progressbar (1.13.0)
    sorbet-runtime (0.6.12673)
    syntax_tree (6.3.0)
      prettier_print (>= 1.2.0)
    unicode-display_width (3.2.0)
      unicode-emoji (~> 4.1)
    unicode-emoji (4.1.0)
    yarp (0.6.0)

PLATFORMS
  arm64-darwin-24
  ruby

DEPENDENCIES
  rubocop (~> 1.65)
  ruby-lsp (~> 0.8.0)

BUNDLED WITH
   2.7.2
